GEM
  specs:
    ffi (1.9.10)
    levenshtein-ffi (1.1.0)
      ffi (~> 1.9)

PLATFORMS
  ruby

DEPENDENCIES
  levenshtein-ffi

BUNDLED WITH
   1.11.2
